GIT
  remote: https://github.com/capistrano/capistrano.git
  revision: 30a942c7457da9c07a8c73f36d086efd3628f6ed
  specs:
    capistrano (2.13.3)
      highline
      net-scp (>= 1.0.0)
      net-sftp (>= 2.0.0)
      net-ssh (>= 2.0.14)
      net-ssh-gateway (>= 1.1.0)

GIT
  remote: https://github.com/ingeniarius/sprinkle.git
  revision: 49f24d1e3a70ef27277e3c4ae48cf1f6a2752408
  specs:
    sprinkle (0.4.2)
      activesupport (>= 2.0.2)
      capistrano (>= 2.5.5)
      highline (>= 1.4.0)

GEM
  remote: https://rubygems.org/
  specs:
    activesupport (3.2.8)
      i18n (~> 0.6)
      multi_json (~> 1.0)
    capistrano_colors (0.5.5)
    highline (1.6.14)
    i18n (0.6.0)
    multi_json (1.3.6)
    net-scp (1.0.4)
      net-ssh (>= 1.99.1)
    net-sftp (2.0.5)
      net-ssh (>= 2.0.9)
    net-ssh (2.5.2)
    net-ssh-gateway (1.1.0)
      net-ssh (>= 1.99.1)

PLATFORMS
  ruby

DEPENDENCIES
  capistrano!
  capistrano_colors
  sprinkle!
